PATH
  remote: .
  specs:
    sampling_prof (0.3.3)

GEM
  remote: https://rubygems.org/
  specs:
    rake (10.1.1)
    rake-compiler (0.9.2)
      rake

PLATFORMS
  java
  ruby

DEPENDENCIES
  rake-compiler (~> 0.9, >= 0.9.2)
  sampling_prof!
